GEM
  remote: http://rubygems.org/
  specs:
    activemodel (3.0.5)
      activesupport (= 3.0.5)
      builder (~> 2.1.2)
      i18n (~> 0.4)
    activesupport (3.0.5)
    bson (1.3.0)
    bson_ext (1.3.0)
    builder (2.1.2)
    i18n (0.5.0)
    minitest (2.0.2)
    mocha (0.9.8)
      rake
    mongo (1.3.0)
      bson (>= 1.3.0)
    mongoid (2.0.0)
      activemodel (~> 3.0)
      mongo (~> 1.2)
      tzinfo (~> 0.3.22)
      will_paginate (~> 3.0.pre)
    progress (1.1.3)
    rake (0.8.7)
    tzinfo (0.3.26)
    will_paginate (3.0.pre2)

PLATFORMS
  ruby

DEPENDENCIES
  bson_ext (~> 1.3)
  minitest (~> 2.0)
  mocha (~> 0.9)
  mongoid (~> 2.0)
  progress (~> 1.1)
