GEM
  remote: http://rubygems.org/
  specs:
    activemodel (3.1.0)
      activesupport (= 3.1.0)
      bcrypt-ruby (~> 3.0.0)
      builder (~> 3.0.0)
      i18n (~> 0.6)
    activesupport (3.1.0)
      multi_json (~> 1.0)
    bcrypt-ruby (3.0.1)
    bson (1.3.1)
    builder (3.0.0)
    i18n (0.6.0)
    minitest (2.6.0)
    mongo (1.3.1)
      bson (>= 1.3.1)
    mongo_mapper (0.9.2)
      activemodel (~> 3.0)
      activesupport (~> 3.0)
      plucky (~> 0.3.8)
    multi_json (1.0.3)
    plucky (0.3.8)
      mongo (~> 1.3)
    progress (1.1.3)

PLATFORMS
  ruby

DEPENDENCIES
  minitest (~> 2.6)
  mongo_mapper (~> 0.9)
  progress (~> 1.1)
